GEM
  remote: https://rubygems.org/
  specs:
    minitest (5.14.4)

PLATFORMS
  x64-mingw32

DEPENDENCIES
  minitest

BUNDLED WITH
   2.2.3
